PATH
  remote: .
  specs:
    little_canary (0.0.12)

GEM
  remote: https://rubygems.org/
  specs:
    minitest (5.24.1)
    rake (13.2.1)

PLATFORMS
  ruby
  x86_64-darwin-23

DEPENDENCIES
  bundler (~> 2.5)
  little_canary!
  minitest (~> 5.24)
  rake (~> 13.2)

BUNDLED WITH
   2.5.17
